GEM
  remote: https://rubygems.org/
  specs:
    coderay (1.1.3)
    dotenv (2.8.1)
    method_source (1.0.0)
    minitest (5.16.3)
    pry (0.14.1)
      coderay (~> 1.1)
      method_source (~> 1.0)
    rake (13.0.6)

PLATFORMS
  x86_64-linux

DEPENDENCIES
  dotenv
  minitest
  pry
  rake

BUNDLED WITH
   2.2.7
